GIT
  remote: https://github.com/net-ssh/net-ssh
  revision: 6fc2b4d782a45ead3cf2ca14b3c3fad1d738acc2
  ref: 6fc2b4d782
  specs:
    net-ssh (2.8.1)

GEM
  remote: https://rubygems.org/
  specs:
    capistrano (3.1.0)
      i18n
      rake (>= 10.0.0)
      sshkit (~> 1.3)
    capistrano-composer (0.0.3)
      capistrano (>= 3.0.0.pre)
    i18n (0.6.9)
    net-scp (1.1.2)
      net-ssh (>= 2.6.5)
    rake (10.1.1)
    sshkit (1.3.0)
      net-scp (>= 1.1.2)
      net-ssh
      term-ansicolor
    term-ansicolor (1.3.0)
      tins (~> 1.0)
    tins (1.0.0)

PLATFORMS
  ruby

DEPENDENCIES
  capistrano (~> 3.1.0)
  capistrano-composer
  net-ssh!
